PATH
  remote: .
  specs:
    fedex_api (0.0.1)
      savon (~> 2.0)

GEM
  remote: https://rubygems.org/
  specs:
    akami (1.3.1)
      gyoku (>= 0.4.0)
      nokogiri
    builder (3.2.3)
    coderay (1.1.2)
    dotenv (2.7.5)
    gyoku (1.3.1)
      builder (>= 2.1.2)
    httpi (2.4.4)
      rack
      socksify
    method_source (0.9.2)
    mini_portile2 (2.4.0)
    minitest (5.11.3)
    nokogiri (1.10.4)
      mini_portile2 (~> 2.4.0)
    nori (2.6.0)
    pry (0.12.2)
      coderay (~> 1.1.0)
      method_source (~> 0.9.0)
    rack (2.0.8)
    rake (12.3.3)
    savon (2.12.0)
      akami (~> 1.2)
      builder (>= 2.1.2)
      gyoku (~> 1.2)
      httpi (~> 2.3)
      nokogiri (>= 1.8.1)
      nori (~> 2.4)
      wasabi (~> 3.4)
    socksify (1.7.1)
    wasabi (3.5.0)
      httpi (~> 2.0)
      nokogiri (>= 1.4.2)

PLATFORMS
  ruby

DEPENDENCIES
  bundler (~> 2.0)
  dotenv
  fedex_api!
  minitest
  pry
  rake

RUBY VERSION
   ruby 2.4.1p111

BUNDLED WITH
   2.0.1
